GEM
  remote: https://rubygems.org/
  specs:
    arkana (1.3.0)
      colorize (~> 0.8)
      dotenv (~> 2.7)
      yaml (~> 0.2)
    colorize (0.8.1)
    dotenv (2.8.1)
    yaml (0.2.0)

PLATFORMS
  arm64-darwin-21

DEPENDENCIES
  arkana

BUNDLED WITH
   2.2.30
